GEM
  remote: http://rubygems.org/
  specs:
    actionmailer (3.1.1)
      actionpack (= 3.1.1)
      mail (~> 2.3.0)
    actionpack (3.1.1)
      activemodel (= 3.1.1)
      activesupport (= 3.1.1)
      builder (~> 3.0.0)
      erubis (~> 2.7.0)
      i18n (~> 0.6)
      rack (~> 1.3.2)
      rack-cache (~> 1.1)
      rack-mount (~> 0.8.2)
      rack-test (~> 0.6.1)
      sprockets (~> 2.0.2)
    activemodel (3.1.1)
      activesupport (= 3.1.1)
      builder (~> 3.0.0)
      i18n (~> 0.6)
    activerecord (3.1.1)
      activemodel (= 3.1.1)
      activesupport (= 3.1.1)
      arel (~> 2.2.1)
      tzinfo (~> 0.3.29)
    activeresource (3.1.1)
      activemodel (= 3.1.1)
      activesupport (= 3.1.1)
    activesupport (3.1.1)
      multi_json (~> 1.0)
    addressable (2.2.8)
    airbrake (3.1.2)
      activesupport
      builder
    arel (2.2.3)
    bcrypt-ruby (3.0.1)
    builder (3.0.0)
    capistrano (2.12.0)
      highline
      net-scp (>= 1.0.0)
      net-sftp (>= 2.0.0)
      net-ssh (>= 2.0.14)
      net-ssh-gateway (>= 1.1.0)
    capybara (1.1.2)
      mime-types (>= 1.16)
      nokogiri (>= 1.3.3)
      rack (>= 1.0.0)
      rack-test (>= 0.5.4)
      selenium-webdriver (~> 2.0)
      xpath (~> 0.1.4)
    carrierwave (0.5.8)
      activesupport (~> 3.0)
    childprocess (0.3.3)
      ffi (~> 1.0.6)
    coderay (1.0.7)
    coffee-rails (3.1.1)
      coffee-script (>= 2.2.0)
      railties (~> 3.1.0)
    coffee-script (2.2.0)
      coffee-script-source
      execjs
    coffee-script-source (1.3.3)
    cucumber (1.2.1)
      builder (>= 2.1.2)
      diff-lcs (>= 1.1.3)
      gherkin (~> 2.11.0)
      json (>= 1.4.6)
    cucumber-rails (1.3.0)
      capybara (>= 1.1.2)
      cucumber (>= 1.1.8)
      nokogiri (>= 1.5.0)
    database_cleaner (0.8.0)
    devise (2.1.2)
      bcrypt-ruby (~> 3.0)
      orm_adapter (~> 0.1)
      railties (~> 3.1)
      warden (~> 1.2.1)
    devise-encryptable (0.1.1)
      devise (>= 2.1.0.rc)
    diff-lcs (1.1.3)
    em-websocket (0.3.8)
      addressable (>= 2.1.1)
      eventmachine (>= 0.12.9)
    email_spec (1.2.1)
      mail (~> 2.2)
      rspec (~> 2.0)
    erubis (2.7.0)
    eventmachine (0.12.10)
    execjs (1.4.0)
      multi_json (~> 1.0)
    factory_girl (3.5.0)
      activesupport (>= 3.0.0)
    factory_girl_rails (3.5.0)
      factory_girl (~> 3.5.0)
      railties (>= 3.0.0)
    faker (1.0.1)
      i18n (~> 0.4)
    ffi (1.0.11)
    gherkin (2.11.1)
      json (>= 1.4.6)
    guard (1.2.3)
      listen (>= 0.4.2)
      thor (>= 0.14.6)
    guard-livereload (1.0.0)
      em-websocket (>= 0.2.0)
      guard (>= 1.1.0)
      multi_json (~> 1.0)
    guard-sass (0.7.1)
      guard (>= 1.1.0)
      sass (>= 3.1)
    haml (3.1.6)
    highline (1.6.13)
    hike (1.2.1)
    hoptoad_notifier (2.4.11)
      activesupport
      builder
    i18n (0.6.0)
    jquery-rails (1.0.19)
      railties (~> 3.0)
      thor (~> 0.14)
    json (1.7.3)
    launchy (2.1.0)
      addressable (~> 2.2.6)
    libv8 (3.3.10.4)
    libwebsocket (0.1.4)
      addressable
    listen (0.4.7)
      rb-fchange (~> 0.0.5)
      rb-fsevent (~> 0.9.1)
      rb-inotify (~> 0.8.8)
    mail (2.3.3)
      i18n (>= 0.4.0)
      mime-types (~> 1.16)
      treetop (~> 1.4.8)
    method_source (0.8)
    mime-types (1.19)
    mini_magick (3.4)
      subexec (~> 0.2.1)
    multi_json (1.3.6)
    net-scp (1.0.4)
      net-ssh (>= 1.99.1)
    net-sftp (2.0.5)
      net-ssh (>= 2.0.9)
    net-ssh (2.5.2)
    net-ssh-gateway (1.1.0)
      net-ssh (>= 1.99.1)
    nokogiri (1.5.5)
    orm_adapter (0.4.0)
    pg (0.14.0)
    polyglot (0.3.3)
    pry (0.9.10)
      coderay (~> 1.0.5)
      method_source (~> 0.8)
      slop (~> 3.3.1)
    rack (1.3.6)
    rack-cache (1.2)
      rack (>= 0.4)
    rack-mount (0.8.3)
      rack (>= 1.0.0)
    rack-ssl (1.3.2)
      rack
    rack-test (0.6.1)
      rack (>= 1.0)
    rails (3.1.1)
      actionmailer (= 3.1.1)
      actionpack (= 3.1.1)
      activerecord (= 3.1.1)
      activeresource (= 3.1.1)
      activesupport (= 3.1.1)
      bundler (~> 1.0)
      railties (= 3.1.1)
    rails_autolink (1.0.9)
      rails (~> 3.1)
    railties (3.1.1)
      actionpack (= 3.1.1)
      activesupport (= 3.1.1)
      rack-ssl (~> 1.3.2)
      rake (>= 0.8.7)
      rdoc (~> 3.4)
      thor (~> 0.14.6)
    rake (0.9.2.2)
    rb-fchange (0.0.5)
      ffi
    rb-fsevent (0.9.1)
    rb-inotify (0.8.8)
      ffi (>= 0.5.0)
    rdiscount (1.6.8)
    rdoc (3.12)
      json (~> 1.4)
    rspec (2.11.0)
      rspec-core (~> 2.11.0)
      rspec-expectations (~> 2.11.0)
      rspec-mocks (~> 2.11.0)
    rspec-core (2.11.0)
    rspec-expectations (2.11.1)
      diff-lcs (~> 1.1.3)
    rspec-mocks (2.11.1)
    rspec-rails (2.11.0)
      actionpack (>= 3.0)
      activesupport (>= 3.0)
      railties (>= 3.0)
      rspec (~> 2.11.0)
    rubyzip (0.9.9)
    sanitize (2.0.3)
      nokogiri (>= 1.4.4, < 1.6)
    sass (3.1.20)
    sass-rails (3.1.6)
      actionpack (~> 3.1.0)
      railties (~> 3.1.0)
      sass (>= 3.1.10)
      tilt (~> 1.3.2)
    selenium-webdriver (2.24.0)
      childprocess (>= 0.2.5)
      libwebsocket (~> 0.1.3)
      multi_json (~> 1.0)
      rubyzip
    shoulda-matchers (1.2.0)
      activesupport (>= 3.0.0)
    simple_form (2.0.2)
      actionpack (~> 3.0)
      activemodel (~> 3.0)
    skeptic (0.0.1)
      trollop (>= 1.16.2)
    slop (3.3.2)
    spork (0.9.0.rc9)
    sprockets (2.0.4)
      hike (~> 1.2)
      rack (~> 1.0)
      tilt (~> 1.1, != 1.3.0)
    sqlite3 (1.3.6)
    subexec (0.2.2)
    therubyracer (0.10.1)
      libv8 (~> 3.3.10)
    thor (0.14.6)
    tilt (1.3.3)
    timecop (0.3.5)
    treetop (1.4.10)
      polyglot
      polyglot (>= 0.3.1)
    trollop (1.16.2)
    tzinfo (0.3.33)
    uglifier (1.2.6)
      execjs (>= 0.3.0)
      multi_json (~> 1.3)
    warden (1.2.1)
      rack (>= 1.0)
    webrat (0.7.3)
      nokogiri (>= 1.2.0)
      rack (>= 1.0)
      rack-test (>= 0.5.3)
    will_paginate (3.0.3)
    xpath (0.1.4)
      nokogiri (~> 1.3)

PLATFORMS
  ruby

DEPENDENCIES
  airbrake
  capistrano (~> 2.8)
  capybara
  carrierwave
  coffee-rails
  cucumber-rails
  database_cleaner
  devise
  devise-encryptable
  email_spec
  factory_girl_rails
  faker
  guard
  guard-livereload
  guard-sass
  haml
  hoptoad_notifier
  jquery-rails
  launchy
  mini_magick
  pg
  pry
  rails (= 3.1.1)
  rails_autolink
  rdiscount
  rspec
  rspec-rails
  sanitize
  sass-rails
  shoulda-matchers
  simple_form
  skeptic
  spork (= 0.9.0.rc9)
  sqlite3
  therubyracer
  timecop
  uglifier
  webrat
  will_paginate
